GEM
  remote: https://rubygems.org/
  specs:
    activerecord (1.6.0)
    activesupport (3.1.12)
      multi_json (~> 1.0)
    addressable (2.3.5)
    coderay (1.0.9)
    daemon-kit (0.2.1)
      eventmachine (>= 0.12.10)
      i18n
      rubigen
      safely (>= 0.3.1)
      thor
    diff-lcs (1.2.4)
    eventmachine (1.0.3)
    faraday (0.8.7)
      multipart-post (~> 1.1)
    github_api (0.10.2)
      addressable
      faraday (~> 0.8.7)
      hashie (>= 1.2)
      multi_json (~> 1.4)
      nokogiri (~> 1.6.0)
      oauth2
    hashie (2.0.5)
    httpauth (0.2.0)
    i18n (0.6.4)
    jwt (0.1.8)
      multi_json (>= 1.5)
    method_source (0.8.1)
    mime-types (1.23)
    mini_portile (0.5.0)
    multi_json (1.7.7)
    multi_xml (0.5.4)
    multipart-post (1.2.0)
    nokogiri (1.6.0)
      mini_portile (~> 0.5.0)
    oauth2 (0.9.1)
      faraday (~> 0.8)
      httpauth (~> 0.1)
      jwt (~> 0.1.4)
      multi_json (~> 1.0)
      multi_xml (~> 0.5)
      rack (~> 1.2)
    pry (0.9.12.2)
      coderay (~> 1.0.5)
      method_source (~> 0.8)
      slop (~> 3.4)
    rack (1.5.2)
    rake (10.1.0)
    rest-client (1.6.7)
      mime-types (>= 1.16)
    rspec (2.13.0)
      rspec-core (~> 2.13.0)
      rspec-expectations (~> 2.13.0)
      rspec-mocks (~> 2.13.0)
    rspec-core (2.13.1)
    rspec-expectations (2.13.0)
      diff-lcs (>= 1.1.3, < 2.0)
    rspec-mocks (2.13.1)
    rubigen (1.5.8)
      activesupport (>= 2.3.5, < 3.2.0)
    rufus-scheduler (2.0.19)
      tzinfo (>= 0.3.23)
    safely (0.3.2)
    slop (3.4.5)
    sqlite3 (1.3.7)
    thor (0.18.1)
    tzinfo (1.0.1)

PLATFORMS
  ruby

DEPENDENCIES
  activerecord
  daemon-kit
  github_api
  pry
  rake
  rest-client
  rspec
  rufus-scheduler (>= 2.0.3)
  safely
  sqlite3
